GEM
  remote: https://rubygems.org/
  specs:
    RubySunrise (0.3.3)
      tzinfo
    activesupport (7.1.3.2)
      base64
      bigdecimal
      concurrent-ruby (~> 1.0, >= 1.0.2)
      connection_pool (>= 2.2.5)
      drb
      i18n (>= 1.6, < 2)
      minitest (>= 5.1)
      mutex_m
      tzinfo (~> 2.0)
    addressable (2.8.7)
      public_suffix (>= 2.0.2, < 7.0)
    base64 (0.2.0)
    bigdecimal (3.1.7)
    byebug (11.1.3)
    coderay (1.1.3)
    concurrent-ruby (1.2.3)
    connection_pool (2.4.1)
    domain_name (0.6.20240107)
    drb (2.2.1)
    geocoder (1.8.2)
    http-cookie (1.0.6)
      domain_name (~> 0.5)
    i18n (1.14.4)
      concurrent-ruby (~> 1.0)
    icalendar (2.10.1)
      ice_cube (~> 0.16)
    ice_cube (0.16.4)
    io-console (0.7.2)
    irb (1.12.0)
      rdoc
      reline (>= 0.4.2)
    json (2.7.2)
    logger (1.6.4)
    mechanize (2.9.0)
      addressable (~> 2.8)
      domain_name (~> 0.5, >= 0.5.20190701)
      http-cookie (~> 1.0, >= 1.0.3)
      mime-types (~> 3.0)
      net-http-digest_auth (~> 1.4, >= 1.4.1)
      net-http-persistent (>= 2.5.2, < 5.0.dev)
      nokogiri (~> 1.11, >= 1.11.2)
      rubyntlm (~> 0.6, >= 0.6.3)
      webrick (~> 1.7)
      webrobots (~> 0.1.2)
    method_source (1.0.0)
    mime-types (3.5.2)
      mime-types-data (~> 3.2015)
    mime-types-data (3.2024.0806)
    mini_portile2 (2.8.8)
    minitest (5.22.3)
    mustermann (3.0.3)
      ruby2_keywords (~> 0.0.1)
    mutex_m (0.2.0)
    net-http-digest_auth (1.4.1)
    net-http-persistent (4.0.2)
      connection_pool (~> 2.2)
    nio4r (2.7.3)
    nokogiri (1.18.3)
      mini_portile2 (~> 2.8.2)
      racc (~> 1.4)
    pry (0.14.2)
      coderay (~> 1.1)
      method_source (~> 1.0)
    psych (5.1.2)
      stringio
    public_suffix (6.0.1)
    puma (6.4.3)
      nio4r (~> 2.0)
    racc (1.8.1)
    rack (3.1.10)
    rack-protection (4.1.1)
      base64 (>= 0.1.0)
      logger (>= 1.6.0)
      rack (>= 3.0.0, < 4)
    rack-session (2.1.0)
      base64 (>= 0.1.0)
      rack (>= 3.0.0)
    rackup (2.1.0)
      rack (>= 3)
      webrick (~> 1.8)
    rdoc (6.6.3.1)
      psych (>= 4.0.0)
    reline (0.5.0)
      io-console (~> 0.5)
    ruby2_keywords (0.0.5)
    rubyntlm (0.6.5)
      base64
    sinatra (4.1.1)
      logger (>= 1.6.0)
      mustermann (~> 3.0)
      rack (>= 3.0.0, < 4)
      rack-protection (= 4.1.1)
      rack-session (>= 2.0.0, < 3)
      tilt (~> 2.0)
    stringio (3.1.0)
    tilt (2.5.0)
    timezone (1.3.25)
    tzinfo (2.0.6)
      concurrent-ruby (~> 1.0)
    webrick (1.9.1)
    webrobots (0.1.2)

PLATFORMS
  ruby

DEPENDENCIES
  RubySunrise
  activesupport (>= 7.0.7.1)
  byebug
  geocoder
  icalendar
  irb
  json
  mechanize (>= 2.9.0)
  nokogiri (>= 1.18.3)
  pry
  puma (>= 6.4.3)
  rack (>= 3.0.12)
  rackup (>= 2.1.0)
  sinatra (~> 4.1.0)
  timezone
  webrick (>= 1.8.2)

RUBY VERSION
   ruby 3.2.2p53

BUNDLED WITH
   2.4.22
